dpwrwet 1 1 9.99999984307e+17 -9.99999984307e+17 0 2 1 0 1 64
1 39 
0 
cf 7 1 32767 0 1 3 1 1 0 64
1 1 
0 
WG180calflg 4 2 4 0 0 2 1 0 1 64
1 "n"
0 
CStype 4 2 4 0 0 2 1 0 1 64
1 "a"
0 
CSprofile 2 2 8 0 0 2 1 256 1 64
3 ""
""
""
0 
CSdnoise 4 2 4 0 0 3 1 0 1 64
1 "y"
0 
CS_inf 4 2 4 0 0 3 1 0 1 64
1 "y"
0 
CS_cln 4 2 4 0 0 3 1 0 1 64
1 "y"
0 
Archive1 2 2 8 0 0 2 1 0 1 64
1 ""
0 
ACQtime 7 1 100000000 0 1 2 1 256 1 64
1 2838.148758 
0 
Archive2 2 2 8 0 0 2 1 0 1 64
1 ""
0 
CS_dpars 4 2 4 0 0 3 1 0 1 64
1 "y"
0 
CSdensity 1 1 100 5 0 2 1 0 1 64
1 100 
0 
CS_se 4 2 4 0 0 3 1 0 1 64
1 "n"
0 
CSlines 7 1 32767 0 0 2 1 0 1 64
1 4 
0 
CSdomain 7 1 32767 0 0 2 1 0 1 64
1 1 
0 
CSinp 2 2 8 0 0 2 1 0 1 64
1 ""
0 
CSniIndex 7 1 32767 0 0 2 1 256 1 64
1 0 
0 
CSni2Index 7 1 32767 0 0 2 1 256 1 64
1 0 
0 
CSpars 2 2 8 0 0 2 1 256 1 64
1 ""
0 
CSshowsch 4 2 4 0 0 2 1 0 1 64
1 "y"
0 
CSseed 1 1 9.99999984307e+17 -9.99999984307e+17 0 2 1 0 1 64
1 169 
0 
CSreconmethod 2 2 8 0 0 3 1 0 1 64
1 "CLEAN"
0 
CSprosize 7 1 32767 0 0 2 1 256 1 64
3 0 0 0 
0 
CSshowpro 4 2 4 0 0 2 1 0 1 64
1 "y"
0 
CSshape 2 2 8 0 0 2 1 0 1 64
1 "gexp"
0 
CSthr 1 1 100 1 0.1 3 1 0 1 64
1 2 
0 
CSsp 7 1 32767 0 0 3 1 0 1 64
1 0 
0 
PFGflg 4 2 4 0 0 2 1 0 1 64
1 "y"
0 
Gmap 2 2 8 0 0 2 1 1 1 64
1 "lk"
0 
CSwt 4 2 4 0 0 2 1 0 1 64
1 "n"
0 
CSwp 7 1 32767 0 0 3 1 0 1 64
1 0 
0 
ESmode 4 2 4 0 0 2 1 0 1 64
1 "n"
0 
EDratio 1 1 9.99999984307e+17 -9.99999984307e+17 0 2 1 0 1 64
1 1 
0 
ESpwrcalflg 4 2 4 0 0 2 1 0 1 64
1 "y"
0 
H1reffrq 1 1 9.99999984307e+17 -9.99999984307e+17 0 2 1 0 1 64
1 399.5337144 
0 
Gzqfilt 4 2 4 0 0 2 1 0 1 64
1 "y"
0 
Gmapname 2 2 8 0 0 2 1 1 1 64
1 ""
0 
MinSW 2 2 8 0 0 3 1 0 1 64
1 "skip"
4 "off" "auto" "manual" "skip" 
IPrunid 2 2 8 0 0 2 1 0 1 64
1 ""
0 
Qmult 1 1 9.99999984307e+17 -9.99999984307e+17 0 2 1 0 1 64
1 1 
0 
Qins 1 1 9.99999984307e+17 -9.99999984307e+17 0 2 1 0 1 64
1 727.5 
0 
Qgain 1 1 9.99999984307e+17 -9.99999984307e+17 0 2 1 0 1 64
1 30 
0 
Qinsref 1 1 9.99999984307e+17 -9.99999984307e+17 0 2 1 0 1 64
1 0.000574903 
0 
REQexp 2 2 8 0 0 4 1 256 1 64
1 "wet1D PRESAT PROTON"
0 
arraymax 7 1 32767 0 0 4 1 0 1 64
1 256 
0 
alock 2 2 8 0 0 2 1 0 1 64
1 "n"
5 "a" "n" "s" "u" "y" 
adir2tmplt 2 2 8 0 0 2 1 0 1 64
1 ""
0 
acqcycles 1 1 9.99999984307e+17 -9.99999984307e+17 0 2 1 0 1 64
1 256 
0 
WGmode 4 2 4 0 0 2 1 0 1 64
1 "n"
0 
WGpwrcalflg 4 2 4 0 0 2 1 0 1 64
1 "y"
0 
acqstatus 7 1 32767 0 0 2 1 256 1 64
2 101 0 
0 
acqdim 7 1 32767 0 0 2 1 0 1 64
1 2 
0 
actionid 2 2 8 0 0 4 1 0 1 64
1 "null"
0 
aig 2 2 2 0 0 4 1 1 1 64
1 "ai"
2 "nm" "ai" 
adirtmplt 2 2 8 0 0 2 1 0 1 64
1 "$userdir$/data"
0 
alfa 6 1 8190 0 0.4 2 1 2 1 64
1 10 
0 
array 2 2 256 0 0 2 1 1 1 64
1 "phase"
0 
apptype 2 2 8 0 0 2 1 1 1 64
1 "homo2D"
0 
ap 2 2 1023 0 0 4 1 6 1 64
1 "1:SAMPLE:date,solvent,sample;1:ACQUISITION:sw:1,at:3,np:0,fb:0,ss(ss):0,d1:3,nt:0;1:2D ACQUISITION:sw1:1,ni,d2(d2):0;1:TRANSMITTER:tn,sfrq:3,tof:1,tpwr:0,pw:3;1:NOESY:mixN:3;1:PRESATURATION:satmode,wet;1:DECOUPLER:dn,dm;2:FLAGS:hs,sspul,PFGflg,hsglvl;2:SPECIAL:temp:1,gain:0,spin:0;2:F2 PROCESSING:lb(lb):2,sb(sb):3,sbs(sb):3,gf(gf):3,gfs(gf):3,awc(awc):3,lsfid(lsfid):0,phfid(phfid):1,proc(proc<>'ft'),fn;2:F1 PROCESSING:lb1(lb1):2,sb1(sb1):3,sbs1(sb1):3,gf1(gf1):3,gfs1(gf1):3,awc1(awc1):3,proc1(proc1<>'ft'),fn1:0;2:DISPLAY:sp:1,wp:1,sp1:1,wp1:1,rfl:1,rfp:1,rfl1:1,rfp1:1;2:PLOT:wc:1,sc:1,wc2:1,sc2:1,vs:0,th:0,aig*,dcg*,dmg*;"
0 
alt_grd 4 2 4 0 0 2 1 0 1 64
1 "n"
0 
archivedir 2 2 8 0 0 2 1 0 1 64
1 "/home/wenbol/vnmrsys/data"
0 
arraydodc 4 2 4 0 0 4 1 0 1 64
1 "n"
0 
arraydim 7 1 32768 1 1 2 1 5 1 64
1 256 
0 
arraydelta 7 1 32767 0 0 4 1 0 1 64
1 1 
0 
arrayelemts 1 1 9.99999984307e+17 -9.99999984307e+17 0 2 1 0 1 64
1 2 
0 
arraydscale 4 2 4 0 0 4 1 0 1 64
1 "n"
0 
arrayflip 4 2 4 0 0 4 1 0 1 64
1 "n"
0 
axis 4 2 4 0 0 4 1 0 1 64
1 "pp"
11 "c" "d" "1" "2" "3" "h" "k" "m" "n" "p" "u" 
at 1 1 14 14 14 2 1 8203 1 64
1 0.1500576 
0 
arraystop 7 1 32767 0 0 4 1 0 1 64
1 1 
0 
arraystart 7 1 32767 0 0 4 1 0 1 64
1 1 
0 
arraywhitewash 4 2 4 0 0 4 1 0 1 64
1 "n"
0 
awc 1 1 1 -1 0.001 3 1 1 0 64
1 0 
0 
avwdir 2 2 8 0 0 3 1 0 1 64
1 ""
0 
awc1 1 1 1 -1 0.001 3 1 1 0 64
1 0 
0 
bs 7 1 32767 0 1 2 1 0 1 64
1 8 
0 
axisf 4 2 4 0 0 4 1 0 1 64
1 "s"
4 "m" "n" "s" "u" 
bipflg 2 2 8 0 0 2 1 8 1 64
1 "nn"
0 
c13wet 4 2 4 0 0 2 1 0 1 64
1 "n"
0 
celem 1 1 9.99999984307e+17 -9.99999984307e+17 0 2 1 0 1 64
1 256 
0 
dlp 7 1 10 10 10 2 1 8194 0 64
1 10 
0 
date 2 2 9 0 0 2 1 1 1 64
1 "Jun 12 2019"
0 
crf 1 1 9.99999984307e+17 -9.99999984307e+17 0 4 1 0 1 64
1 0 
0 
cpmgflg 4 2 4 0 0 2 1 8 1 64
1 "n"
0 
concentration 1 1 9.99e+17 0 0 2 1 8 1 64
1 0 
0 
composit 4 2 4 0 0 2 1 0 1 64
1 "n"
0 
comment 2 2 8 0 0 3 1 0 1 64
1 ""
0 
compshape 2 2 8 0 0 2 1 0 1 64
1 "hard"
0 
cp 2 2 1 0 0 2 1 0 1 64
1 "y"
2 "y" "n" 
console 2 2 8 0 0 2 1 0 1 64
1 "vnmrs"
0 
cpmgbt 3 1 14 14 14 2 1 8202 1 64
1 0.064 
0 
cr 1 1 1000000000 -1000000000 0 4 1 1 1 64
1 2322.86727938 
0 
cpmgpw 6 1 13 13 13 2 1 8192 1 64
1 14 
0 
cpmglt 3 1 14 14 14 2 1 8202 1 64
1 0.0004 
0 
cppauseflg 4 2 4 0 0 4 1 0 1 64
1 "n"
0 
cr1 1 1 1000000000 -1000000000 0 4 1 3 1 64
1 0.9871679507 
0 
cutoff 1 1 9.99999984307e+17 -9.99999984307e+17 0 4 1 0 0 64
1 200 
0 
ct 7 1 1000000000 0 1 2 1 6 1 64
1 8 
0 
customflag 4 2 4 0 0 4 1 0 1 64
1 "n"
0 
d2 3 1 14 14 14 2 1 8194 1 64
1 0 
0 
d1 3 1 14 14 14 2 1 8194 1 64
1 1 
0 
dataid 2 2 8 0 0 2 1 0 1 64
1 ""
0 
delta1 1 1 5000000 0 0 4 1 3 1 64
1 0 
0 
decwave 2 2 8 0 0 2 1 0 1 64
1 "W40_autoxdb"
0 
ddrpm 2 2 8 0 0 2 1 0 1 64
1 "p"
0 
dcg 2 2 3 0 0 4 1 1 1 64
1 ""
2 "dc" "cdc" 
dbwwet 1 1 9.99999984307e+17 -9.99999984307e+17 0 2 1 0 1 64
1 5000 
0 
dcrmv 4 2 9.99999984307e+17 -9.99999984307e+17 0 4 1 0 1 64
1 "n"
2 "y" "n" 
dec2wave 2 2 8 0 0 2 1 0 1 64
1 "g"
0 
ddrtc 6 1 1000 0 0.4 2 1 0 1 64
1 42 
0 
dec3wave 2 2 8 0 0 2 1 0 1 64
1 "g"
0 
delta 1 1 5000000 0 0 4 1 1 1 64
1 1449.39033353 
0 
decwavewet 2 2 8 0 0 2 1 0 1 64
1 "w"
0 
dg2 2 2 8 0 0 4 1 4 1 64
6 "1:1st DECOUPLING:dfrq:3,dn,dpwr:0,dof:1,dm,dmm,dmf:0,dseq,dres:1,homo;"
"2(numrfch>2):2nd DECOUPLING:dfrq2:3,dn2,dpwr2:0,dof2:1,dm2,dmm2,dmf2:0,dseq2,dres2:1,homo2;"
"2(numrfch>3):3rd DECOUPLING:dfrq3:3,dn3,dpwr3:0,dof3:1,dseq3,dres3:1,homo3;"
"3(ni2):3D ACQUISITION:d3:3,sw2:1,ni2:0,phase2:0;"
"3(ni2):3D DISPLAY:rp2:1,lp2:1;"
"4(ni2):3D PROCESSING:lb2:3,sb2:3,sbs2(sb2):3,gf2:3,gfs2(gf2):3,awc2:3,wtfile2,proc2,fn2:0;"
0 
dg 2 2 1023 0 0 4 1 6 1 64
1 "1:ACQUISITION:seqfil,sw:1,at:3,np:0,ss(ss):0,d1:3,d2(d2):3,nt:0,ct:0;1:2D ACQUISITION:sw1:1,ni,phase;1:PRESATURATION:satmode,wet;1:Details in dgss:;2:TRANSMITTER:tn,sfrq:3,tof:1,tpwr:0,pw:3;2:DECOUPLER:dn,dm;2:NOESY:mixN:3;3:FLAGS:il(il<>'n'),dp(dp<>'y'),hs,sspul,PFGflg,hsglvl,hsgt:6;3:SAMPLE:date,solvent,sample;3:SPECIAL:temp:1,spin:0,gain:0;4:PROCESSING:cf(nf):0,lb(lb):2,sb(sb):3,sbs(sb):3,gf(gf):3,gfs(gf):3,awc(awc):3,proc(proc<>'ft'),fn:0,math(math<>'f');4:2D PROCESSING:lb1(lb1):2,sb1(sb1):3,sbs1(sb1):3,gf1(gf1):3,gfs1(gf1):3,awc1(awc1):3,proc1(proc1<>'ft'),fn1:0;"
0 
density 1 1 9.99999984307e+17 -9.99999984307e+17 0 2 1 0 1 64
1 1 
0 
deltaf 1 1 100 0 0 4 1 0 1 64
1 0 
0 
dfrq 5 1 1000000000 -1000000000 0 2 1 8 1 64
1 100.4723535 
0 
dg1 2 2 1023 0 0 4 1 6 1 64
1 "1:DISPLAY:sp:1,wp:1,vs:0;1:REFERENCE:rfl:1,rfp:1,cr:1,delta:1;1:PHASE:lp:1,rp:1,rp1(ni):1,lp1(ni):1;2:CHART:sc:0,wc:0,hzmm:2,vp:0,axis,pltmod,,th:0,,ho:2,vo:2,,trace:2;3(ni):2D:sp1:1,wp1:1,sc2:0,wc2:0,rfl1:1,rfp1:1;3:FLAGS:aig*,dcg*,dmg*;3:FID:sf:3,wf:3,vf:0;4:INTEGRAL:intmod,is:2,ins:3,io:0,,lvl:3,tlt:3;"
0 
dgssm 2 2 8 0 0 4 1 6 1 64
1 "1:WET:wet,gzlvlw,gtw:6,gswet:6,dz:6;1:C13 WET:c13wet,dofwet:1,dpwrwet,dmfwet;2:WETshapes:wetshape1,wetshape2,wetshape3,wetshape4;3:WETpowers:wetpwr1,wetpwr2,wetpwr3,wetpwr4;3:WETpulses:pwwet1:3,pwwet2:3,pwwet3:3,pwwet4:3;4:PRESAT:satmode,satpwr,satdly:3,satfrq:1;"
0 
dgs 2 2 1023 0 0 4 1 6 1 64
5 "1:AXIAL SHIMS:z1:0,z2:0,z3:0,z4:0,z5:0,z6:0,z7:0;"
"2:NON AXIAL SHIMS:x1:0,y1:0,xz:0,yz:0,xy:0,x2y2:0,x3:0,y3:0,xz2:0,yz2:0,zxy:0,zx2y2:0,z3x:0,z3y:0;"
"3:NON AXIAL SHIMS:z2x2y2:0,z2xy:0,zx3:0,zy3:0,z4x:0,z4y:0;"
"4:AUTOMATION:method,wshim,load,,spin:0,gain:0,alock,loc:0;"
"4:SPECIAL:temp;"
0 
dglp 2 2 8 0 0 4 1 7 1 64
1 "1(lpfilt):LP:lpalg,lpopt,lpfilt:0,lpnupts:0,strtlp:0,lpext:0,strtext:0;2(lpfilt1):LP 1:lpalg1,lpopt1,lpfilt1:0,lpnupts1:0,strtlp1:0,lpext1:0,strtext1:0;3(lpfilt2):LP 2:lpalg2,lpopt2,lpfilt2:0,lpnupts2:0,strtlp2:0,lpext2:0,strtext2:0;4:LP OUTPUT:lpprint(lpfilt):0,lptrace(lpfilt):0,lpprint1(lpfilt1):0,lptrace1(lpfilt1):0,lpprint2(lpfilt2):0,lptrace2(lpfilt2):0;"
0 
dgss 2 2 8 0 0 4 1 6 1 64
1 "1:WET:wet,wetshape,wetpwr,pwwet:3,composit,compshape,gzlvlw,gtw:6,gswet:6,dz:6;2:C13 WET:c13wet,dofwet:1,dpwrwet,dmfwet,decwavewet;4:PRESAT:satmode,satpwr,satdly:3,satfrq:1;"
0 
displaymode 4 2 9.99999984307e+17 -9.99999984307e+17 0 4 1 0 1 64
1 "r"
0 
dhp 1 1 9 9 9 2 1 8192 0 64
1 40 
0 
dnbippwr 1 1 9 9 9 2 1 8192 1 64
1 61 
0 
dn 2 2 4 0 0 2 1 8 1 64
1 "C13"
0 
dmg 2 2 2 0 0 4 1 3 1 64
1 "ph"
0 
dmf 7 1 11 11 11 2 1 8194 1 64
1 29412 
0 
dm 4 2 4 0 0 2 1 0 1 64
1 "nnn"
4 "a" "n" "s" "y" 
dmfwet 7 1 32767 0 0 2 1 0 1 64
1 5517 
0 
dmm 4 2 4 0 0 2 1 0 1 64
1 "ccc"
9 "c" "f" "g" "m" "p" "r" "u" "w" "x" 
dmg1 2 2 8 0 0 4 1 0 1 64
1 "ph1"
4 "" "av1" "ph1" "pwr1" 
dmmwet 2 2 8 0 0 2 1 0 1 64
1 "w"
0 
dn3shapes 2 2 8 0 0 2 1 256 1 64
3 ""
""
""
0 
dn2shapes 2 2 8 0 0 2 1 256 1 64
3 ""
""
""
0 
dn2ref 2 2 8 0 0 4 1 1 1 64
1 ""
0 
dn3ref 2 2 8 0 0 4 1 1 1 64
1 ""
0 
dnbippw 6 1 1000000 0 0.025 2 1 0 1 64
1 30.2 
0 
dn4ref 2 2 8 0 0 4 1 1 1 64
1 ""
0 
dopwCal 2 2 8 0 0 2 1 256 1 64
3 "n"
"4.0"
"1.0"
0 
dod 3 1 14 14 14 2 1 8194 1 64
1 0.00999999977648 
0 
dnref 2 2 8 0 0 4 1 1 1 64
1 "Me4Si, 1% in CDCl3"
0 
dnbipshp 2 2 8 0 0 2 1 0 1 64
1 "hard"
0 
dnshapes 2 2 8 0 0 2 1 256 1 64
3 ""
""
""
0 
dofwet 5 1 1000000000 -1000000000 0 2 1 0 1 64
1 0 
0 
dof 5 1 8 8 8 2 1 8202 1 64
1 0 
0 
dpatwet 2 2 8 0 0 2 1 0 1 64
1 "waltz16"
0 
dotflag 2 2 8 0 0 4 1 0 1 64
1 "n"
2 "n" "y" 
doscout 7 1 10 -10 1 2 1 0 1 64
1 0 
0 
dp 2 2 1 0 0 2 1 0 1 64
1 "y"
2 "y" "n" 
dpwr 1 1 9 9 9 2 1 8194 1 64
1 34 
0 
dpf_wc2 1 1 9.99999984307e+17 -9.99999984307e+17 0 4 1 0 1 64
1 300 
0 
pipeistMaxRes 2 2 8 0 0 3 1 0 1 64
1 "1"
0 
lb1 1 1 100000 -100000 0 3 1 1 0 64
1 0.318309992552 
0 
gtE 3 1 14 14 14 2 1 8192 1 64
1 0.001 
0 
fidid 2 2 8 0 0 2 1 0 1 64
1 ""
0 
essoftpwr 1 1 63 -16 0.5 2 1 0 1 64
1 2 
0 
dz 3 1 14 14 14 2 1 8192 1 64
1 1e-05 
0 
dss_sc 1 1 9.99999984307e+17 -9.99999984307e+17 0 4 1 0 1 64
1 0 
0 
dreswet 1 1 9.99999984307e+17 -9.99999984307e+17 0 2 1 0 1 64
1 90 
0 
dres 7 1 360 1 0 2 1 0 1 64
1 9 
0 
dreffrq 1 1 9.99999984307e+17 -9.99999984307e+17 0 2 1 0 1 64
1 100.462832393 
0 
dseqwet 2 2 8 0 0 2 1 0 1 64
1 "waltz16"
0 
dseq 2 2 8 0 0 2 1 0 1 64
1 "W40_autoxdb"
0 
dss_wc2 1 1 9.99999984307e+17 -9.99999984307e+17 0 4 1 0 1 64
1 140.385714286 
0 
dss_wc 1 1 9.99999984307e+17 -9.99999984307e+17 0 4 1 0 1 64
1 239.526764934 
0 
dss_sc2 1 1 9.99999984307e+17 -9.99999984307e+17 0 4 1 0 1 64
1 0 
0 
dutyc 1 1 9.99999984307e+17 -9.99999984307e+17 0 2 1 0 1 64
1 0.1 
0 
esgt 3 1 14 14 14 2 1 8192 1 64
1 0.001 
0 
emailwhen 2 2 8 0 0 2 1 0 1 64
1 ""
0 
eOptions 2 2 8 0 0 4 1 264 1 64
1 ""
0 
emailaddr 2 2 8 0 0 4 1 0 1 64
1 "wenbol@umich.edu"
0 
emessage 4 2 4 0 0 2 1 0 1 64
1 "n"
0 
esgstab 3 1 14 14 14 2 1 8192 1 64
1 0.0005 
0 
esshape 2 2 8 0 0 2 1 0 1 64
1 "W_supp"
0 
espw180 6 1 13 13 13 2 1 8192 1 64
1 24.2 
0 
esgzlvl 1 1 1000000 -1000000 1 2 1 0 1 64
1 1694 
0 
essoftpw 6 1 1000000 0 0.025 2 1 0 1 64
1 2500 
0 
f1SW 2 2 8 0 0 2 1 1 1 64
1 ""
0 
explabel 2 2 8 0 0 2 1 0 1 64
1 "NOESY"
0 
essoftpwrf 7 1 4095 0 1 2 1 0 1 64
1 2048 
0 
execprocess 2 2 8 0 0 4 1 0 1 64
1 ""
0 
exppath 2 2 8 0 0 2 1 0 1 64
1 "/home/wenbol/vnmrsys/exp1/acqfil"
0 
explist 2 2 8 0 0 2 1 256 1 64
1 "NOESY"
0 
fadflg 4 2 4 0 0 2 1 0 1 64
1 "n"
0 
f2SW 2 2 8 0 0 2 1 1 1 64
1 ""
0 
f1coef 2 2 8 0 0 3 1 1 1 64
1 "1 0 0 0 0 0 -1 0"
0 
faculty 2 2 8 0 0 2 1 0 1 64
1 ""
0 
fdfdir 2 2 8 0 0 3 1 0 1 64
1 ""
0 
fb 7 1 6 6 6 2 1 8203 1 64
1 4000 
0 
fdffile 2 2 8 0 0 3 1 0 1 64
1 ""
0 
fzoom 7 1 32767 0 0 4 1 0 1 64
1 0 
0 
flipsy 4 2 4 0 0 2 1 0 1 64
1 "n"
0 
flagW5 4 2 4 0 0 2 1 0 1 64
1 "n"
0 
filter 7 1 1000000000 0 1 2 1 2 1 64
1 54.0999984741 
0 
filename 2 2 8 0 0 2 1 1 1 64
1 ""
0 
file 2 2 6 0 0 2 1 3 1 64
1 "exp"
0 
flag3919 4 2 4 0 0 2 1 0 1 64
1 "n"
0 
filtfile 2 2 8 0 0 2 1 0 1 64
1 ""
0 
flippwr 7 1 63 -16 0.5 2 1 0 1 64
1 10 
0 
flipback 4 2 4 0 0 2 1 0 1 64
1 "n"
0 
flip180 6 1 13 13 13 2 1 8192 1 64
1 24.2 
0 
flippw 6 1 13 13 13 2 1 8192 1 64
1 5000 
0 
flipshape 2 2 8 0 0 2 1 0 1 64
1 "W_flip"
0 
flippwrf 7 1 4095 0 1 2 1 0 1 64
1 2048 
0 
fpmult 1 1 10 -10 0 3 1 0 1 64
1 0.498631825545 
0 
fn1 7 1 524288 64 -2 3 1 1 1 64
1 2048 
0 
fn 7 1 524288 64 -2 3 1 1 1 64
1 2048 
0 
foldflg 4 2 4 0 0 3 1 0 1 64
1 "y"
0 
ftproc 1 1 9.99999984307e+17 -9.99999984307e+17 0 3 1 256 1 64
2 1 0 
0 
fpmult1 1 1 1000000000 0 0 3 2 0 0 64
1 0.5 
0 
gt0 3 1 14 14 14 2 1 8192 1 64
1 0.0016 
0 
gstab 3 1 14 14 14 2 1 8192 1 64
1 0.0005 
0 
gfs 1 1 1000 -1000 0.001 3 1 1 0 64
1 0 
0 
gf 1 1 100000 0 0 3 1 1 1 64
1 0.0693266112 
0 
gain 1 1 60 0 2 2 1 0 1 64
1 34 
0 
gf1 1 1 100000 0 0 3 1 1 1 64
1 0.018472608 
0 
go_Options 2 2 8 0 0 2 1 7 1 64
2 "au"
"wait"
0 
gfs1 1 1 1000 -1000 0.001 3 1 1 0 64
1 0 
0 
go_id 2 2 8 0 0 2 1 7 1 64
1 "exp1.wenbol.ga.chem.lsa.umich.edu_1560351991_391969"
0 
gstabwg 3 1 14 14 14 2 1 8192 1 64
1 0.0005 
0 
gstab2 3 1 14 14 14 2 1 8192 1 64
1 0.0005 
0 
gswet 3 1 14 14 14 2 1 8192 1 64
1 0.002 
0 
gt5 3 1 14 14 14 2 1 8192 1 64
1 0.0014 
0 
gt3 3 1 14 14 14 2 1 8192 1 64
1 0.002 
0 
gt1 3 1 14 14 14 2 1 8192 1 64
1 0.0015 
0 
gt2 3 1 14 14 14 2 1 8192 1 64
1 0.0015 
0 
gt4 3 1 14 14 14 2 1 8192 1 64
1 0.0012 
0 
gt9 3 1 14 14 14 2 1 8192 1 64
1 0.001 
0 
gt7 3 1 14 14 14 2 1 8192 1 64
1 0.001 
0 
gt6 3 1 14 14 14 2 1 8192 1 64
1 0.001 
0 
gt8 3 1 14 14 14 2 1 8192 1 64
1 0.001 
0 
gtD 3 1 14 14 14 2 1 8192 1 64
1 0 
0 
hdres 1 1 9.99999984307e+17 -9.99999984307e+17 0 2 1 0 1 64
1 9 
0 
gzlvlE 1 1 1000000 -1000000 1 2 1 0 1 64
1 1059 
0 
gzlvl4 1 1 1000000 -1000000 1 2 1 0 1 64
1 847 
0 
gzlvl0 1 1 1000000 -1000000 1 2 1 0 1 64
1 1050 
0 
gtwg 3 1 14 14 14 2 1 8192 1 64
1 0.001 
0 
gtw 3 1 14 14 14 2 1 8192 1 64
1 0.002 
0 
gxppars 2 2 8 0 0 2 1 0 1 64
1 ""
0 
gzlvl2 1 1 1000000 -1000000 1 2 1 0 1 64
1 529 
0 
gzlvl1 1 1 1000000 -1000000 1 2 1 0 1 64
1 741 
0 
gzlvl3 1 1 1000000 -1000000 1 2 1 0 1 64
1 635 
0 
gzlvl8 1 1 1000000 -1000000 1 2 1 0 1 64
1 840 
0 
gzlvl6 1 1 1000000 -1000000 1 2 1 0 1 64
1 630 
0 
gzlvl5 1 1 1000000 -1000000 1 2 1 0 1 64
1 1164 
0 
gzlvl7 1 1 1000000 -1000000 1 2 1 0 1 64
1 735 
0 
gzlvlD 1 1 1000000 -1000000 1 2 1 0 1 64
1 0 
0 
gzlvl9 1 1 1000000 -1000000 1 2 1 0 1 64
1 945 
0 
hdfrqw 1 1 9.99999984307e+17 -9.99999984307e+17 0 2 1 256 0 64
1 10 
0 
gzlvlzq1 1 1 1000000 -1000000 1 2 1 0 1 64
1 495 
0 
gzlvlw 1 1 9.99999984307e+17 -9.99999984307e+17 0 2 1 0 1 64
1 14354 
0 
gzlvlhs 7 1 32767 -32767 1 2 1 0 1 64
1 20 
0 
gzlvlwg 1 1 9.99999984307e+17 -9.99999984307e+17 0 2 1 0 1 64
1 1694 
0 
gzlvlzq3 1 1 1000000 -1000000 1 2 1 0 1 64
1 793 
0 
gzlvlzq2 1 1 1000000 -1000000 1 2 1 0 1 64
1 595 
0 
hdfrqc 5 1 1000000000 -1000000000 0 2 1 256 0 64
1 0 
0 
hdpwr 7 1 49 -16 1 2 1 2 1 64
1 1 
0 
hdof 5 1 7 7 7 2 1 8194 1 64
1 0 
0 
hdmf 1 1 9.99999984307e+17 -9.99999984307e+17 0 2 1 0 1 64
1 600 
0 
hdpsmode 4 2 4 0 0 2 1 0 1 64
1 "n"
0 
hdpwrf 1 1 4095 0 0 2 1 0 1 64
1 4095 
0 
ins 3 1 8190 0 1e-07 4 1 3 1 64
1 100 
0 
hsglvl 1 1 1000000 -1000000 1 2 1 0 1 64
1 1260 
0 
ho 1 1 500 -500 0 4 1 1 1 64
1 -50.2678565979 
0 
hdseq 2 2 8 0 0 2 1 0 1 64
1 ""
0 
hdwave 2 2 8 0 0 2 1 0 1 64
1 "SEDUCE1"
0 
hs 4 2 4 0 0 2 1 0 1 64
1 "nn"
2 "n" "y" 
homo 2 2 8 0 0 2 1 8 1 64
1 "n"
2 "n" "y" 
ident 2 2 8 0 0 3 1 0 1 64
1 ""
0 
hst 3 1 0.02 0 2.5e-08 2 1 2 1 64
1 0.00800000037998 
0 
hsgt 3 1 14 14 14 2 1 8192 1 64
1 0.002 
0 
hzmm 1 1 1000000000 -1000000000 0 4 1 11 1 64
1 20.6486869536 
0 
in 4 2 1 0 0 2 1 0 1 64
1 "n"
3 "n" "w" "y" 
il 2 2 1 0 0 2 1 0 1 64
1 "n"
2 "y" "n" 
io 1 1 500 -500 0.1 4 1 1 1 64
1 10 
0 
intmod 2 2 8 0 0 4 1 0 1 64
1 "off"
3 "off" "partial" "full" 
ins2ref 1 1 9.99999984307e+17 -9.99999984307e+17 0 4 1 0 1 64
1 1 
0 
ins2 1 1 9.99999984307e+17 -9.99999984307e+17 0 4 1 0 1 64
1 1 
0 
insref 1 1 9.99999984307e+17 -9.99999984307e+17 0 4 1 0 0 64
1 1 
0 
investigator 2 2 8 0 0 4 1 0 1 64
1 ""
0 
intstd 2 2 8 0 0 2 1 0 1 64
1 ""
0 
invgcal 1 1 1000000 -1000000 1 2 1 0 1 64
1 105 
0 
layout 2 2 8 0 0 4 1 0 1 64
1 "NOESY"
0 
is 1 1 1000000000 1e-06 0 4 1 3 1 64
1 408.483744812 
0 
iswt 1 1 9.99999984307e+17 -9.99999984307e+17 0 2 1 0 1 64
1 0 
0 
lb 1 1 100000 -100000 0 3 1 1 0 64
1 0.3 
0 
obsSW 2 2 8 0 0 2 1 1 1 64
1 "setsw(14,-2)"
0 
lpopt 2 2 8 0 0 3 1 0 1 64
1 "b"
0 
lockphase_ 1 1 360 0 1 2 1 65552 1 64
1 324 
0 
llfrq 1 1 1000000000 -1000000000 0 4 1 0 0 64
4 2602.75237414 2262.34903141 1144.01992486 1025.29720384 
0 
lifrq 1 1 1000000000 -1000000000 0 4 1 0 0 64
39 3760.9002462 3637.30806816 2877.07019818 2812.84119227 2645.45651019 2560.01246899 2560.01246899 2501.62246362 2365.9630178 2304.4588788 2304.26424545 2220.57190441 2218.82020425 2167.43699952 2167.24236617 2101.45629345 2101.2616601 2033.91852056 1895.33957447 1846.48660331 1846.48660331 1820.01646754 1820.01646754 1740.21679353 1630.05431672 1467.53546843 1467.34083507 1100.65160132 1100.65160132 1059.58396421 1059.38933085 997.106658454 997.106658454 970.831156035 970.831156035 931.320585731 842.957044264 781.452905269 0 
0 
led 3 1 14 14 14 2 1 8192 1 64
1 0.002 
0 
lcpeak_ 7 1 32767 0 0 2 1 32768 1 64
1 0 
0 
liamp 1 1 1000000000 0 0 4 1 0 0 64
39 -1.1460374887 17.089294672 -0.00817203521729 0.0847434997559 0.0806179046631 6.75386810303 0 0.0516834259033 0.0878295898438 0.146886825562 0.000509262084961 9.94053268433 0.00335311889648 0.16459274292 0.00048828125 3.55543899536 0.00171279907227 3.34083557129 0.338718414307 0.404888153076 0 0.587421417236 0 13.2637634277 1.55319213867 25.7567596436 0.00392913818359 112.807426453 0 0.494567871094 0.00146484375 10.1306304932 0 0.205535888672 0 0.103820800781 0.0729064941406 0.13752746582 -0.0484924316406 
0 
llamp 1 1 1000000000 0 0 4 1 0 0 64
4 0.522597134113 0.877047359943 0.731871306896 0.666720271111 
0 
lkgate_flg 4 2 4 0 0 2 1 0 1 64
1 "n"
0 
locdir 2 2 8 0 0 2 1 0 1 64
1 ""
0 
load 2 2 4 0 0 2 1 3 1 64
1 "n"
2 "y" "n" 
lllabel 2 2 8 0 0 3 1 0 1 64
1 ""
0 
loc_ 7 1 12 12 12 2 1 8201 0 64
1 0 
0 
lockgain_ 1 1 48 0 1 2 1 65552 1 64
1 44 
0 
lockfreq_ 5 1 160 0 1e-07 2 1 9 1 64
1 61.3313 
0 
lpalg1 2 2 8 0 0 3 1 0 1 64
1 "lpfft"
0 
lp 1 1 3600 -3600 0.1 4 1 3 1 64
1 0 
0 
longlist 2 2 8 0 0 2 1 0 1 64
1 ""
0 
lockpower_ 1 1 68 0 1 2 1 65552 1 64
1 34 
0 
lot 2 2 8 0 0 2 1 0 1 64
1 ""
0 
lpalg 2 2 8 0 0 3 1 0 1 64
1 "lpfft"
0 
lp1 1 1 3600 -3600 0.1 4 1 3 1 64
1 0 
0 
lpfilt1 7 1 32767 1 1 3 1 0 1 64
1 8 
0 
lpext1 7 1 1000000 0 1 3 1 0 1 64
1 128 
0 
lpext 7 1 1000000 0 1 3 1 0 1 64
1 1 
0 
lpfilt 7 1 32767 1 1 3 1 0 1 64
1 32 
0 
lpnupts1 7 1 1000000 1 1 3 1 0 1 64
1 128 
0 
lpnupts 7 1 1000000 1 1 3 1 0 1 64
1 64 
0 
mfslp 4 2 4 0 0 2 1 0 1 64
1 "n"
0 
lsfrq 1 1 9.99999984307e+17 -9.99999984307e+17 0 3 1 0 0 64
1 0 
0 
lptrace 7 1 32767 0 1 3 1 0 1 64
1 0 
0 
lpprint 7 1 63 0 1 3 1 0 1 64
1 0 
0 
lpopt1 2 2 8 0 0 3 1 0 1 64
1 "f"
0 
lpprint1 7 1 63 0 1 3 1 0 1 64
1 0 
0 
lsfid 7 1 64000 -64000 1 3 1 0 0 64
1 0 
0 
lptrace1 7 1 32767 0 1 3 1 0 1 64
1 0 
0 
mass 1 1 9.99999984307e+17 0 0 2 1 8 1 64
1 0 
0 
lvl 1 1 1000000000 -1000000000 0 4 1 1 1 64
1 0 
0 
lsfrq1 1 1 9.99999984307e+17 -9.99999984307e+17 0 3 1 0 0 64
1 0 
0 
macro 2 2 6 0 0 4 1 3 1 64
1 ""
0 
method 2 2 6 0 0 2 1 3 1 64
1 "z1z2"
0 
math 2 2 1 0 0 3 1 3 1 64
1 "f"
3 "d" "f" "i" 
nameprefix 2 2 8 0 0 2 1 9 1 64
1 "wl412_H_NOE_3"
0 
n1 2 2 6 0 0 4 1 3 1 64
1 ""
0 
modules 2 2 8 0 0 2 1 1 1 64
1 "presat wet gradient cpmg ExSculpt watergate quant par2D zqfilter"
0 
mixN 3 1 14 14 14 2 1 8192 1 64
1 0.2 
0 
molecularmass 1 1 9.99999984307e+17 0 0 2 1 8 1 64
1 0 
0 
n3 2 2 6 0 0 4 1 3 1 64
1 "n"
0 
n2 2 2 6 0 0 4 1 3 1 64
1 "n"
0 
name 2 2 8 0 0 3 1 0 1 64
1 ""
0 
np 7 1 524288 32 2 2 1 11 1 64
1 1914 
0 
ni 7 1 32767 0 0 2 1 0 1 64
1 128 
0 
newmodules 2 2 8 0 0 2 1 1 1 64
1 ""
0 
notebook 2 2 8 0 0 2 1 0 1 64
1 ""
0 
numvch 7 1 32767 0 0 2 1 256 1 64
4 4 2 1 0 
0 
nt 7 1 1000000000 1 1 2 1 2 1 64
1 8 
0 
phase 7 1 8 0 1 2 1 0 1 64
2 1 2 
0 
p1 6 1 13 13 13 2 1 8194 1 64
1 0 
0 
osfb 1 1 100000 0 0 2 1 1 0 64
1 0 
0 
oscoef 7 1 49999 3 2 2 1 1 0 64
1 31 
0 
operator_ 2 2 128 0 0 2 1 32772 1 64
1 "wenbol"
0 
oslsfrq 1 1 9.99999984307e+17 -9.99999984307e+17 0 2 1 1 0 64
1 0 
0 
osfilt 2 2 8 0 0 2 1 0 1 64
1 ""
5 "a" "A" "b" "B" "" 
oversamp 7 1 68 0 1 2 1 9 1 64
1 1 
0 
parlabel 2 2 8 0 0 2 1 5 1 64
1 "NOESY"
0 
page 2 2 8 0 0 2 1 0 1 64
1 ""
0 
pad 3 1 14 14 14 2 1 8194 1 64
1 0.5 
0 
parver 2 2 8 0 0 2 1 0 1 64
1 "VnmrJ VERSION 4.2 REVISION A"
0 
parstyle_ 2 2 8 0 0 4 1 0 1 64
1 "ppa"
0 
parversion 1 1 9.99999984307e+17 -9.99999984307e+17 0 2 1 4 1 64
1 5.1 
0 
pipeGOFF 2 2 8 0 0 3 1 0 1 64
2 "0"
"0"
0 
phincr2 1 1 9.99999984307e+17 -9.99999984307e+17 0 2 1 0 1 64
1 0 
0 
phfid1 1 1 3600 -3600 0.1 3 1 0 0 64
1 0 
0 
phfid 1 1 3600 -3600 0.1 3 1 0 0 64
1 0 
0 
phincr1 7 1 360 -360 1 2 1 0 1 64
1 0 
0 
pipeGLB 2 2 8 0 0 3 1 0 1 64
2 "4"
"4"
0 
pipeELB 2 2 8 0 0 3 1 0 1 64
2 "0"
"0"
0 
pipeistCMult 2 2 8 0 0 3 1 0 1 64
1 "0.3"
0 
pipeQ2 2 2 8 0 0 3 1 0 1 64
2 "0"
"0"
0 
pipeQ1 2 2 8 0 0 3 1 0 1 64
2 "0"
"0"
0 
pipeQ3 2 2 8 0 0 3 1 0 1 64
2 "0"
"0"
0 
pipeistIter 2 2 8 0 0 3 1 0 1 64
1 "1024"
0 
systemname_ 2 2 8 0 0 2 1 0 1 64
1 "ga.chem.lsa.umich.edu-vnmrs400"
0 
sampling 2 2 8 0 0 2 1 0 1 64
1 ""
0 
pstof 5 1 1000000000 -1000000000 0 2 1 264 1 64
1 0 
0 
prgtime 3 1 0.05 0 1.25e-08 2 1 0 1 64
1 0.002 
0 
pplvl_cf 1 1 9.99999984307e+17 -9.99999984307e+17 0 2 1 0 1 64
1 1 
0 
pltmod 2 2 8 0 0 4 1 0 1 64
1 "fixed"
5 "off" "fixed" "full" "variable" "user" 
plocklist 2 2 8 0 0 2 1 1 1 64
1 ""
0 
pipeistTMult 2 2 8 0 0 3 1 0 1 64
1 "0.7"
0 
pkpick_ 2 2 8 0 0 4 1 0 1 64
1 ""
0 
plotoption 2 2 8 0 0 4 1 0 1 64
7 "plarray"
"axis"
"comments"
"params"
"logo"
"header"
"miniplot"
0 
plt2Darg 2 2 8 0 0 4 1 272 1 64
5 "both"
"7"
"1.5"
"f2"
"f1"
0 
position1 2 2 8 0 0 3 1 0 1 64
1 ""
0 
pmode 2 2 8 0 0 3 1 0 1 64
1 "full"
0 
pltopt 4 2 4 0 0 2 1 0 1 64
1 "n"
0 
pp 6 1 13 13 13 2 1 8192 1 64
1 15 
0 
position2 2 2 8 0 0 3 1 0 1 64
1 ""
0 
pplvl 1 1 63 -16 1 2 1 0 1 64
1 55 
0 
prgd1 3 1 14 14 14 2 1 8192 1 64
1 0.0002 
0 
presatinit 4 2 4 0 0 2 1 0 1 64
1 "n"
0 
preacq 6 1 13 13 13 2 1 8192 0 64
1 0 
0 
prcopt 4 2 4 0 0 2 1 0 1 64
1 "y"
0 
presatgh2 1 1 9.99999984307e+17 -9.99999984307e+17 0 2 1 0 1 64
1 10 
0 
prg_flg 4 2 4 0 0 2 1 0 1 64
1 "n"
0 
prescan 2 2 8 0 0 3 1 256 1 64
11 "Not done"
"Not done"
"off"
"off"
"off"
"off"
"off"
"on"
"on"
""
""
0 
prgcycle 7 1 32767 0 0 2 1 8 1 64
1 2 
0 
prggt 3 1 14 14 14 2 1 8192 1 64
1 0.001 
0 
prgflg 4 2 4 0 0 2 1 8 1 64
1 "n"
0 
prgd2 3 1 14 14 14 2 1 8192 1 64
1 0.0002 
0 
prggstab 3 1 14 14 14 2 1 8192 1 64
1 0.0005 
0 
prgpw 6 1 13 13 13 2 1 8192 1 64
1 12.1 
0 
prggzlvl 1 1 1000000 -1000000 1 2 1 0 1 64
1 1944 
0 
prgpwr 7 1 53 -16 1 2 1 0 1 64
1 51 
0 
proccmd 2 2 8 0 0 3 1 7 1 64
1 "wft2d('noop','noop','noop','noop','noop','noop','1','0','0','0','0','0','-1','0')"
0 
probetype_ 2 2 8 0 0 2 1 1 1 64
1 "liquids"
0 
probe_ 2 2 8 0 0 2 1 8 1 64
1 "autoxdb"
0 
priority 7 1 32768 0 1 2 1 0 1 64
1 5 
0 
probestyle_ 2 2 8 0 0 2 1 0 1 64
1 ""
0 
proc1 2 2 10 0 0 3 2 1 1 64
1 "lp"
0 
proc 2 2 10 0 0 3 1 1 1 64
1 "ft"
0 
protocols 2 2 8 0 0 3 1 0 1 64
1 ""
0 
processid 1 1 9.99999984307e+17 -9.99999984307e+17 0 2 1 0 1 64
1 0 
0 
procdim 7 1 32767 0 0 3 1 0 1 64
1 2 
0 
pslabel 2 2 8 0 0 2 1 11 1 64
1 "NOESY"
0 
psatsolv 2 2 8 0 0 2 1 0 1 64
1 "D2O"
0 
psppm 2 2 8 0 0 2 1 1 1 64
1 ""
0 
ref_pw90 6 1 13 13 13 2 1 8192 1 64
1 5.475 
0 
r2 1 1 1e+18 -1e+18 0 4 1 1 1 64
1 0 
0 
pwx 6 1 13 13 13 2 1 8192 1 64
1 9.3 
0 
pwwet1 6 1 1000000 0 0.025 2 1 0 1 64
1 0 
0 
pw90 6 1 13 13 13 2 1 8194 1 64
1 12.1 
0 
pw 6 1 13 13 13 2 1 8194 1 64
1 12.1 
0 
pwwet 6 1 1000000 0 0.025 2 1 0 1 64
1 0 
0 
pwwet3 6 1 1000000 0 0.025 2 1 0 1 64
1 0 
0 
pwwet2 6 1 1000000 0 0.025 2 1 0 1 64
1 0 
0 
pwwet4 6 1 1000000 0 0.025 2 1 0 1 64
1 0 
0 
pwxlvl 1 1 9 9 9 2 1 8192 1 64
1 55 
0 
pwx2lvl 1 1 63 -16 1 2 1 0 1 64
1 55 
0 
pwx2 6 1 13 13 13 2 1 8192 1 64
1 15 
0 
pwx2lvl_cf 1 1 9.99999984307e+17 -9.99999984307e+17 0 2 1 0 1 64
1 1 
0 
r1 1 1 1e+18 -1e+18 0 4 1 1 1 64
1 0 
0 
pwxlvl_cf 1 1 9.99999984307e+17 -9.99999984307e+17 0 2 1 0 1 64
1 0.9089 
0 
r6 1 1 1e+18 -1e+18 0 4 1 1 1 64
1 0 
0 
r4 1 1 1e+18 -1e+18 0 4 1 1 1 64
1 0 
0 
r3 1 1 1e+18 -1e+18 0 4 1 1 1 64
1 0 
0 
r5 1 1 1e+18 -1e+18 0 4 1 1 1 64
1 0 
0 
ref 5 1 1000000000 -1000000000 0 3 4 0 1 64
1 0 
0 
r7 1 1 1e+18 -1e+18 0 4 1 1 1 64
1 0 
0 
ref1 5 1 1000000000 -1000000000 0 3 1 0 1 64
1 0 
0 
rfl 1 1 1000000000 -1000000000 0 4 1 1 1 64
1 791.575069934 
0 
researchgroup 2 2 8 0 0 2 1 0 1 64
1 ""
0 
refpos 1 1 9.99999984307e+17 -9.99999984307e+17 0 4 1 0 1 64
1 0 
0 
reffrq 1 1 9.99999984307e+17 -9.99999984307e+17 0 4 1 0 1 64
1 399.5337144 
0 
ref_pwr 1 1 9.99999984307e+17 -9.99999984307e+17 0 2 1 0 1 64
1 60 
0 
reffrq1 1 1 9.99999984307e+17 -9.99999984307e+17 0 4 1 0 1 64
1 399.5337144 
0 
refsource1 2 2 8 0 0 4 1 0 1 64
1 "sfrq"
0 
refpos1 5 1 1000000000 -1000000000 0 3 1 0 1 64
1 0 
0 
refstd_ 2 2 8 0 0 2 1 65808 1 64
1 ""
0 
rfband 4 2 4 0 0 2 1 0 1 64
1 "cc"
3 "c" "h" "l" 
retentiontime_ 2 2 8 0 0 2 1 0 1 64
1 ""
0 
rfchnuclei 2 2 8 0 0 2 1 256 1 64
1 ""
0 
rp1 1 1 3600 -3600 0.1 4 1 3 1 64
1 0 
0 
rfp1 1 1 1000000000 -1000000000 0 4 1 1 1 64
1 0 
0 
rfp 1 1 1000000000 -1000000000 0 4 1 1 1 64
1 0 
0 
rfl1 1 1 1000000000 -1000000000 0 4 1 1 1 64
1 791.575069934 
0 
rof2 6 1 13 13 13 2 1 8194 1 64
1 25.1 
0 
rof1 6 1 13 13 13 2 1 8194 1 64
1 10 
0 
rp 1 1 3600 -3600 0.1 4 1 3 1 64
1 160.741402501 
0 
samplename 2 2 8 0 0 2 1 9 1 64
1 "wl412_H_NOE_3"
0 
sample 2 2 8 0 0 2 1 1 1 64
1 "wl038_desireproduct_C13_20181024_01"
0 
sa 7 1 10000000 0 0 3 1 1 0 64
1 1024 
0 
sampleowner 2 2 8 0 0 2 1 0 1 64
1 ""
0 
samplevolume 1 1 9.99999984307e+17 0 0 2 1 8 1 64
1 600 
0 
shownumstyle 2 2 8 0 0 4 1 0 1 64
1 "auto"
0 
sc2 1 1 3 3 3 4 1 8195 1 64
1 7.30714285714 
0 
saveshapes 2 2 8 0 0 2 1 256 1 64
1 ""
0 
satfrq 5 1 1000000000 -1000000000 0 2 1 0 1 64
1 480.588092473 
0 
sas 7 1 10000000 0 0 3 1 1 0 64
1 0 
0 
sampwt 1 1 9.99999984307e+17 -9.99999984307e+17 0 2 1 0 1 64
1 0 
0 
satdly 3 1 14 14 14 2 1 8192 1 64
1 1 
0 
satpwr 1 1 30 -16 1 2 1 0 1 64
1 0 
0 
satmode 4 2 4 0 0 2 1 0 1 64
1 "n"
0 
saveglobal_ 2 2 8 0 0 3 1 0 1 64
21 "probe"
"lcpeak"
"loc"
"lockpower"
"lockgain"
"lockphase"
"lockfreq"
"z0"
"lkof"
"vloc"
"vrack"
"vzone"
"vproto"
"pkpick"
"parstyle"
"operator"
"studyid"
"systemname"
"probetype"
"refstd"
"probestyle"
0 
sbbiflg 4 2 4 0 0 2 1 0 1 64
1 "n"
0 
sb1 1 1 1000 -1000 0 3 1 1 0 64
1 0 
0 
sb 1 1 1000 -1000 0 3 1 0 0 64
1 0 
0 
sbs1 1 1 1000 -1000 0 3 1 1 0 64
1 0 
0 
sbs 1 1 1000 -1000 0 3 1 1 0 64
1 0 
0 
sc 1 1 1 1 1 4 1 8195 1 64
1 0 
0 
sf 1 1 8190 0 1e-07 4 1 3 1 64
1 0 
0 
segstab 3 1 14 14 14 2 1 8192 1 64
1 0.0005 
0 
scoutinfo 2 2 8 0 0 2 1 256 1 64
1 ""
0 
scans 2 2 8 0 0 3 1 0 1 64
1 ""
0 
sdirtmplt 2 2 8 0 0 2 1 0 1 64
1 "$samplename$_%DATE%_"
0 
seqfil 2 2 8 0 0 2 1 11 1 64
1 "NOESY"
0 
segt5 3 1 14 14 14 2 1 8192 1 64
1 0.0005 
0 
shims 2 2 8 0 0 2 1 0 1 64
1 ""
0 
sfrq 1 1 1000000000 0 0 2 1 11 1 64
1 399.5361116 
0 
sf1 1 1 9.99999984307e+17 -9.99999984307e+17 0 4 1 0 1 64
1 0 
0 
sgyflg 4 2 4 0 0 2 1 0 1 64
1 "n"
0 
showcontent 2 2 8 0 0 4 1 0 1 64
1 "s"
0 
showarray 2 2 8 0 0 4 1 0 1 64
1 "horiz"
0 
shownumbers 2 2 8 0 0 4 1 0 1 64
1 "n"
0 
strtlp 7 1 1000000 1 1 3 1 0 1 64
1 2 
0 
sp1 1 1 1000000000 -1000000000 0 4 1 3 1 64
1 -785.346992766 
0 
slpsat 4 2 4 0 0 2 1 0 1 64
1 "n"
0 
shownumy 1 1 9.99999984307e+17 -9.99999984307e+17 0 4 1 0 1 64
1 0 
0 
shownumx 1 1 9.99999984307e+17 -9.99999984307e+17 0 4 1 0 1 64
1 0 
0 
slpname 2 2 8 0 0 2 1 256 1 64
1 ""
0 
solvent 2 2 6 0 0 2 1 11 1 64
1 "cdcl3"
0 
sn 1 1 1e+18 -1e+18 0 3 1 1 1 64
1 0 
0 
sp 1 1 1000000000 -1000000000 0 4 1 3 1 64
1 -785.346992766 
0 
ss 7 1 32767 -32768 0 2 1 0 1 64
1 32 
0 
srate 7 1 32767 0 1 2 1 1 1 64
1 25 
0 
spin 1 1 39 0 1 2 1 0 1 64
1 0 
0 
sreffrq 1 1 9.99999984307e+17 -9.99999984307e+17 0 2 1 0 1 64
1 399.5337144 
0 
strtext 7 1 1000000 1 1 3 1 0 1 64
1 1 
0 
sspul 4 2 4 0 0 2 1 0 1 64
1 "y"
0 
strtext1 7 1 1000000 1 1 3 1 0 1 64
1 129 
0 
studyowner 2 2 8 0 0 2 1 0 1 64
1 "wenbol"
0 
study 2 2 8 0 0 3 1 0 1 64
1 ""
0 
strtpar 2 2 8 0 0 2 1 0 1 64
1 "/home/wenbol/vnmrsys/data/wl412_NOE_H"
0 
strtlp1 7 1 1000000 1 1 3 1 0 1 64
1 128 
0 
studyid_ 2 2 8 0 0 2 1 0 1 64
1 "tmpstudy"
0 
svftmplt 2 2 8 0 0 2 1 0 1 64
1 "$samplename$_$pslabel$_"
0 
studystatus 2 2 8 0 0 2 1 0 1 64
1 ""
0 
svfopt 4 2 4 0 0 2 1 0 1 64
1 "y"
0 
sw1 1 1 5000000 1 -1.25e-08 2 1 0 1 64
1 6377.55102041 
0 
sw 1 1 5 5 5 2 1 8203 1 64
1 6377.55102041 
0 
wgspwr 1 1 63 -16 0.5 2 1 0 1 64
1 2 
0 
wc 1 1 2 2 2 4 1 8203 1 64
1 239.526764934 
0 
tof 5 1 7 7 7 2 1 8202 1 64
1 399.5 
0 
time_plotted 2 2 8 0 0 3 1 0 1 64
1 ""
0 
tauz4 3 1 14 14 14 2 1 8192 1 64
1 0.008505 
0 
tauz1 3 1 14 14 14 2 1 8192 1 64
1 0 
0 
t2 3 1 14 14 14 2 1 8192 1 64
1 0 
0 
t1 3 1 14 14 14 2 1 8192 1 64
1 0 
0 
t3 3 1 14 14 14 2 1 8192 1 64
1 0 
0 
tauz3 3 1 14 14 14 2 1 8192 1 64
1 0.0074925 
0 
tauz2 3 1 14 14 14 2 1 8192 1 64
1 0.0010125 
0 
th 1 1 1000000000 0 0 4 1 1 1 64
1 1 
0 
tempFTS 1 1 200 -150 0.1 2 1 1 1 64
1 25 
0 
temp 1 1 200 -150 0.1 2 1 8 1 64
1 25 
0 
text_string 2 2 8 0 0 4 1 256 1 64
1 "wl038_desireproduct_C13"
0 
time_complete 2 2 8 0 0 4 1 0 1 64
1 "20190612T115352"
0 
th2d 1 1 1 1e-18 0 4 1 17 1 64
1 0.8 
0 
time_exp 2 2 8 0 0 2 1 0 1 64
1 ""
0 
tlt 1 1 1000000000 -1000000000 0 4 1 1 1 64
1 0 
0 
time_submitted 2 2 8 0 0 2 1 0 1 64
1 "20190612T110631"
0 
time_run 2 2 8 0 0 2 1 0 1 64
1 "20190612T110632"
0 
time_processed 2 2 8 0 0 3 1 0 1 64
1 "20190612T115352"
0 
time_saved 2 2 8 0 0 4 1 0 1 64
1 "20190612T115426"
0 
time_svfdate 2 2 8 0 0 2 1 0 1 64
1 "20190612T110631"
0 
time_submitted_local 2 2 8 0 0 2 1 0 1 64
1 "20190612T110631X11AMWedJun"
0 
tin 2 2 1 0 0 2 1 2 1 64
1 "n"
3 "n" "w" "y" 
tnbipshp 2 2 8 0 0 2 1 0 1 64
1 "bip60us"
0 
tnbippw 6 1 1000000 0 0.025 2 1 0 1 64
1 60 
0 
tn 2 2 4 0 0 2 1 8 1 64
1 "H1"
0 
tnbippwr 1 1 17 17 17 2 1 8192 1 64
1 63 
0 
tnshapes 2 2 8 0 0 2 1 256 1 64
3 ""
""
""
0 
tnref 2 2 8 0 0 4 1 1 1 64
1 "Me4Si, 1% in CDCl3"
0 
vjdialogarg 2 2 8 0 0 4 1 256 1 64
1 ""
0 
vch2 2 2 8 0 0 2 1 8 1 64
1 "dn"
0 
trace 2 2 2 0 0 4 1 3 1 64
1 "f2"
2 "f1" "f2" 
tpwr 1 1 17 17 17 2 1 8194 1 64
1 63 
0 
tofh2o 5 1 1000000000 -1000000000 0 2 1 0 1 64
1 0 
0 
tpwr_cf 1 1 9.99999984307e+17 -9.99999984307e+17 0 2 1 0 1 64
1 0.9003 
0 
userplotter 2 2 8 0 0 4 1 0 1 64
1 "bw_printer"
0 
tunemethod 2 2 8 0 0 2 1 0 1 64
1 "lohi-coarse"
0 
vch1 2 2 8 0 0 2 1 8 1 64
1 "tn"
0 
vch6 2 2 8 0 0 2 1 8 1 64
1 ""
0 
vch4 2 2 8 0 0 2 1 8 1 64
1 "dn"
0 
vch3 2 2 8 0 0 2 1 8 1 64
1 "z"
0 
vch5 2 2 8 0 0 2 1 8 1 64
1 ""
0 
vf 1 1 1000000000 0 0 4 1 3 1 64
1 174.310211182 
0 
vchannelmap 2 2 8 0 0 2 1 256 1 64
4 "0"
"1"
"z"
"1"
0 
vjdialog 2 2 8 0 0 4 1 256 1 64
1 ""
0 
vrack_ 7 1 5 1 0 2 1 0 1 64
1 1 
0 
vp 7 1 500 -500 0.1 4 1 3 1 64
1 12 
0 
vo 1 1 500 -500 0 4 1 1 1 64
1 0 
0 
vloc_ 2 2 8 0 0 2 1 8 1 64
1 "0"
0 
volume 1 1 9.99999984307e+17 -9.99999984307e+17 0 2 1 0 1 64
1 0 
0 
vpfi 1 1 500 -500 0 4 1 0 1 64
1 0 
0 
vpf 1 1 500 -500 0 4 1 0 1 64
1 0 
0 
vproto_ 2 2 8 0 0 2 1 0 1 64
1 ""
0 
vtc 1 1 255 0 1 2 1 2 1 64
1 25 
0 
vs2d 1 1 1000000000 1e-06 0 4 1 3 1 64
1 29.5792332028 
0 
vs 1 1 1000000000 1e-06 0 4 1 3 1 64
1 138.532997816 
0 
vsproj 1 1 1000000000 1e-06 0 4 1 3 1 64
1 4.45071601868 
0 
vzone_ 7 1 15 1 0 2 1 0 1 64
1 1 
0 
vtwait 3 1 14 14 14 2 1 8194 1 64
1 300 
0 
wbs 2 2 6 0 0 3 1 3 1 64
1 ""
0 
wetpwr2 1 1 9.99999984307e+17 -9.99999984307e+17 0 2 1 0 1 64
1 0 
0 
wetfrq 5 1 1000000000 -1000000000 0 2 1 256 0 64
1 0 
0 
werr 2 2 6 0 0 3 1 3 1 64
1 ""
0 
wdone 2 2 8 0 0 3 1 0 1 64
1 ""
0 
wc2 1 1 4 4 4 4 1 8195 1 64
1 140.385714286 
0 
wds 2 2 8 0 0 3 1 0 1 64
1 ""
0 
wet_cf 1 1 9.99999984307e+17 -9.99999984307e+17 0 2 1 0 1 64
1 1 
0 
wet 4 2 4 0 0 2 1 0 1 64
1 "n"
0 
wetfly 4 2 4 0 0 2 1 0 1 64
1 "n"
0 
wetpwr 1 1 9.99999984307e+17 -9.99999984307e+17 0 2 1 0 1 64
1 0 
0 
wetfrqw 1 1 9.99999984307e+17 -9.99999984307e+17 0 2 1 256 1 64
1 80 
0 
wetfrqs 2 2 8 0 0 2 1 256 1 64
1 "seduce"
0 
wetpeaks 7 1 10 0 1 2 1 0 0 64
1 0 
0 
wetpwr1 1 1 9.99999984307e+17 -9.99999984307e+17 0 2 1 0 1 64
1 0 
0 
wetshape4 2 2 8 0 0 2 1 0 1 64
1 "wetshp"
0 
wetshape 2 2 8 0 0 2 1 0 1 64
1 "wetshp"
0 
wetpwr4 1 1 9.99999984307e+17 -9.99999984307e+17 0 2 1 0 1 64
1 0 
0 
wetpwr3 1 1 9.99999984307e+17 -9.99999984307e+17 0 2 1 0 1 64
1 0 
0 
wetset 2 2 8 0 0 4 1 0 1 64
1 "set1"
0 
wetshape2 2 2 8 0 0 2 1 0 1 64
1 "wetshp"
0 
wetshape1 2 2 8 0 0 2 1 0 1 64
1 "wetshp"
0 
wetshape3 2 2 8 0 0 2 1 0 1 64
1 "wetshp"
0 
wggh2 1 1 9.99999984307e+17 -9.99999984307e+17 0 2 1 0 1 64
1 100 
0 
wf 1 1 8190 0 1e-07 4 1 3 1 64
1 0.1500576 
0 
wexp 2 2 6 0 0 3 1 3 1 64
1 "process"
0 
wf1 1 1 9.99999984307e+17 -9.99999984307e+17 0 4 1 0 1 64
1 0.1605632 
0 
wgspw 6 1 1000000 0 0.025 2 1 0 1 64
1 2500 
0 
wgpw180 6 1 13 13 13 2 1 8192 1 64
1 24.2 
0 
yz2 7 1 19 19 19 2 1 8192 1 64
1 -19843 
0 
wtfile 2 2 15 0 0 3 1 1 1 64
1 ""
0 
wp1 1 1 100000 0 0 4 1 3 1 64
1 6371.32294324 
0 
whatemail 2 2 8 0 0 2 1 0 1 64
1 "message"
0 
wgsshape 2 2 8 0 0 2 1 0 1 64
1 "Wg_supp"
0 
wgspwrf 7 1 4095 0 1 2 1 0 1 64
1 2048 
0 
wgtau 3 1 14 14 14 2 1 8192 1 64
1 0.0002 
0 
wnt 2 2 6 0 0 3 1 3 1 64
1 ""
0 
whenemail 2 2 8 0 0 2 1 0 1 64
1 "never"
0 
wp 1 1 5000000 0 0 4 1 11 1 64
1 6371.32294324 
0 
wselpwr 7 1 30 -16 1 2 1 0 1 64
1 1 
0 
wrtp 2 2 8 0 0 3 1 0 1 64
1 ""
0 
wqinit 2 2 8 0 0 4 1 0 1 64
1 ""
0 
wselpw 6 1 100000 0 0.0125 2 1 0 1 64
1 25000 
0 
wshim 4 2 4 0 0 2 1 1 1 64
1 "n"
15 "e" "f" "g" "n" "s" "0" "1" "2" "3" "4" "5" "6" "7" "8" "9" 
wselshape 2 2 8 0 0 2 1 0 1 64
1 "W_shape"
0 
wstart 2 2 8 0 0 3 1 0 1 64
1 ""
0 
xdiag 1 1 1e+18 0 0 4 1 17 1 64
1 0 
0 
x2y2 7 1 19 19 19 2 1 8192 1 64
1 -1438 
0 
wtune 4 2 4 0 0 2 1 0 1 64
1 "v1"
10 "s" "t" "e" "v" "i" "n" "1" "2" "3" "4" 
wtfile1 2 2 15 0 0 3 2 1 1 64
1 ""
0 
x1 7 1 19 19 19 2 1 8192 1 64
1 674 
0 
x4 7 1 19 19 19 2 1 8192 1 64
1 0 
0 
x3 7 1 19 19 19 2 1 8192 1 64
1 -2625 
0 
y1 7 1 19 19 19 2 1 8192 1 64
1 2085 
0 
xz 7 1 19 19 19 2 1 8192 1 64
1 12644 
0 
xy 7 1 19 19 19 2 1 8192 1 64
1 4600 
0 
xz2 7 1 19 19 19 2 1 8192 1 64
1 -10812 
0 
y4 7 1 19 19 19 2 1 8192 1 64
1 0 
0 
y3 7 1 19 19 19 2 1 8192 1 64
1 -3819 
0 
yz 7 1 19 19 19 2 1 8192 1 64
1 11050 
0 
z4y 7 1 19 19 19 2 1 8192 1 64
1 -8611 
0 
z3xy 7 1 19 19 19 2 1 8192 1 64
1 0 
0 
z2xy 7 1 19 19 19 2 1 8192 1 64
1 612 
0 
z2 7 1 19 19 19 2 1 8192 1 64
1 1539 
0 
z1 7 1 19 19 19 2 1 8192 1 64
1 4317 
0 
z0_ 1 1 19 19 19 2 1 73744 1 64
1 4217 
0 
z1c 7 1 19 19 19 2 1 8192 1 64
1 -1044 
0 
z2x2y2 7 1 19 19 19 2 1 8192 1 64
1 2288 
0 
z2c 7 1 19 19 19 2 1 8192 1 64
1 196 
0 
z2x3 7 1 19 19 19 2 1 8192 1 64
1 0 
0 
z3x 7 1 19 19 19 2 1 8192 1 64
1 18868 
0 
z3 7 1 19 19 19 2 1 8192 1 64
1 625 
0 
z2y3 7 1 19 19 19 2 1 8192 1 64
1 0 
0 
z3c 7 1 19 19 19 2 1 8192 1 64
1 0 
0 
z3x3 7 1 19 19 19 2 1 8192 1 64
1 0 
0 
z3x2y2 7 1 19 19 19 2 1 8192 1 64
1 0 
0 
z4c 7 1 19 19 19 2 1 8192 1 64
1 0 
0 
z3y3 7 1 19 19 19 2 1 8192 1 64
1 0 
0 
z3y 7 1 19 19 19 2 1 8192 1 64
1 10092 
0 
z4 7 1 19 19 19 2 1 8192 1 64
1 -2379 
0 
z4x2y2 7 1 19 19 19 2 1 8192 1 64
1 0 
0 
z4x 7 1 19 19 19 2 1 8192 1 64
1 2742 
0 
z4xy 7 1 19 19 19 2 1 8192 1 64
1 0 
0 
zqfpat2 2 2 8 0 0 2 1 0 1 64
1 "NOESY_zqf2"
0 
zoom 7 1 32767 0 0 4 1 0 1 64
1 0 
0 
z5y 7 1 19 19 19 2 1 8192 1 64
1 0 
0 
z5x 7 1 19 19 19 2 1 8192 1 64
1 0 
0 
z5 7 1 19 19 19 2 1 8192 1 64
1 4121 
0 
z7 7 1 19 19 19 2 1 8192 1 64
1 0 
0 
z6 7 1 19 19 19 2 1 8192 1 64
1 -655 
0 
z8 7 1 19 19 19 2 1 8192 1 64
1 0 
0 
zqfpat1 2 2 8 0 0 2 1 0 1 64
1 "NOESY_zqf1"
0 
zqfilt 4 2 4 0 0 2 1 0 1 64
1 "n"
0 
zqfpwr2 1 1 17 17 17 2 1 8192 1 64
1 38 
0 
zqfpw3 6 1 1000000 0 0.025 2 1 0 1 64
1 50000 
0 
zqfpw1 6 1 1000000 0 0.025 2 1 0 1 64
1 30000 
0 
zqfpat3 2 2 8 0 0 2 1 0 1 64
1 "NOESY_zqf3"
0 
zqfpw2 6 1 1000000 0 0.025 2 1 0 1 64
1 40000 
0 
zqfpwr1 1 1 17 17 17 2 1 8192 1 64
1 39 
0 
zx2y2 7 1 19 19 19 2 1 8192 1 64
1 3847 
0 
zqfpwr3 1 1 17 17 17 2 1 8192 1 64
1 39 
0 
zxy 7 1 19 19 19 2 1 8192 1 64
1 -7131 
0 
zx3 7 1 19 19 19 2 1 8192 1 64
1 -9853 
0 
zy3 7 1 19 19 19 2 1 8192 1 64
1 -4913 
0 
